GEM
  remote: https://rubygems.org/
  specs:
    romegle (0.1.1)
    xmpp4r (0.5)

PLATFORMS
  ruby

DEPENDENCIES
  romegle
  xmpp4r
